GEM
  remote: https://rubygems.org/
  specs:
    ansi (1.4.3)
    bson (1.7.0)
    bson_ext (1.7.0)
      bson (~> 1.7.0)
    columnize (0.3.6)
    debugger (1.2.0)
      columnize (>= 0.3.1)
      debugger-linecache (~> 1.1.1)
      debugger-ruby_core_source (~> 1.1.3)
    debugger-linecache (1.1.2)
      debugger-ruby_core_source (>= 1.1.1)
    debugger-ruby_core_source (1.1.3)
    foreman (0.56.0)
      thor (>= 0.13.6)
    minitest (3.4.0)
    mongo (1.7.0)
      bson (~> 1.7.0)
    redis (3.0.1)
    thor (0.16.0)
    turn (0.9.6)
      ansi

PLATFORMS
  ruby

DEPENDENCIES
  bson_ext
  debugger
  foreman
  minitest
  mongo
  redis
  turn
